GEM
  remote: https://rubygems.org/
  specs:
    activesupport (4.2.3)
      i18n (~> 0.7)
      json (~> 1.7, >= 1.7.7)
      minitest (~> 5.1)
      thread_safe (~> 0.3, >= 0.3.4)
      tzinfo (~> 1.1)
    apipie-bindings (0.0.14)
      awesome_print
      json (>= 1.2.1)
      oauth
      rest-client (>= 1.6.5)
    atoulme-Antwrap (0.7.4)
      rjb (>= 1.0.3)
    awesome_print (1.6.1)
    builder (3.2.2)
    buildr (1.4.19)
      atoulme-Antwrap (~> 0.7.4)
      builder (= 3.2.2)
      bundler
      diff-lcs (= 1.2.4)
      hoe (= 3.7.1)
      json_pure (= 1.8.0)
      minitar (= 0.5.4)
      net-sftp (= 2.1.2)
      net-ssh (= 2.7.0)
      orderedhash
      rake (= 0.9.2.2)
      rjb (= 1.4.8)
      rspec (= 2.14.1)
      rspec-core (= 2.14.5)
      rspec-expectations (= 2.14.3)
      rspec-mocks (= 2.14.3)
      rubyzip (= 0.9.9)
      xml-simple (= 1.1.2)
    buildr-findBugs (0.1.1)
      buildr (>= 1.4.0)
    clamp (1.0.0)
    coderay (1.1.0)
    diff-lcs (1.2.4)
    domain_name (0.5.24)
      unf (>= 0.0.5, < 1.0.0)
    fast_gettext (0.9.2)
    fastercsv (1.5.5)
    hammer_cli (0.3.0)
      apipie-bindings (~> 0.0.10)
      awesome_print
      clamp (>= 1.0.0)
      fast_gettext
      fastercsv
      highline (< 1.7.0)
      json
      locale (>= 2.0.6)
      logging (< 2.0.0)
      mime-types (~> 1.0)
      rb-readline
      rest-client (< 1.7.0)
      table_print
    highline (1.6.21)
    hoe (3.7.1)
      rake (>= 0.8, < 11.0)
    http-cookie (1.0.2)
      domain_name (~> 0.5)
    httpclient (2.5.3)
    i18n (0.7.0)
    json (1.8.3)
    json_pure (1.8.0)
    little-plugger (1.1.4)
    locale (2.1.2)
    logging (1.8.2)
      little-plugger (>= 1.1.3)
      multi_json (>= 1.8.4)
    method_source (0.8.2)
    mime-types (1.25.1)
    minitar (0.5.4)
    minitest (5.7.0)
    multi_json (1.11.2)
    net-sftp (2.1.2)
      net-ssh (>= 2.6.5)
    net-ssh (2.7.0)
    netrc (0.10.3)
    oauth (0.4.7)
    orderedhash (0.0.6)
    parallel (1.0.0)
    parallel_tests (1.0.0)
      parallel
    pmd (1.0.1)
    pry (0.10.1)
      coderay (~> 1.1.0)
      method_source (~> 0.8.1)
      slop (~> 3.4)
    rake (0.9.2.2)
    rb-readline (0.5.3)
    rest-client (1.6.9)
      mime-types (~> 1.16)
    rjb (1.4.8)
    rspec (2.14.1)
      rspec-core (~> 2.14.0)
      rspec-expectations (~> 2.14.0)
      rspec-mocks (~> 2.14.0)
    rspec-core (2.14.5)
    rspec-expectations (2.14.3)
      diff-lcs (>= 1.1.3, < 2.0)
    rspec-mocks (2.14.3)
    rubyzip (0.9.9)
    slop (3.6.0)
    stringex (2.5.2)
    table_print (1.5.4)
    thread_safe (0.3.5)
    tzinfo (1.2.2)
      thread_safe (~> 0.1)
    unf (0.1.4)
      unf_ext
    unf_ext (0.0.7.1)
    webrick (1.3.1)
    xml-simple (1.1.2)

PLATFORMS
  ruby

DEPENDENCIES
  activesupport
  builder
  buildr (= 1.4.19)
  buildr-findBugs
  hammer_cli
  highline
  httpclient
  mime-types (~> 1.25.0)
  oauth
  parallel_tests
  pmd
  pry
  rspec
  stringex
  webrick

BUNDLED WITH
   1.10.6
